PATH
  remote: .
  specs:
    opencage-geocoder (1.0.1)

GEM
  remote: https://rubygems.org/
  specs:
    minitest (5.5.1)

PLATFORMS
  ruby

DEPENDENCIES
  minitest (~> 5.5)
  opencage-geocoder!
